GEM
  remote: http://rubygems.org/
  specs:
    newrelic_rpm (3.3.1)
    postmark (0.9.8)
    rack (1.4.1)
    rack-protection (1.2.0)
      rack
    sinatra (1.3.2)
      rack (~> 1.3, >= 1.3.6)
      rack-protection (~> 1.2)
      tilt (~> 1.3, >= 1.3.3)
    tilt (1.3.3)
    tmail (1.2.7.1)
    user-agent (1.0.0)

PLATFORMS
  ruby

DEPENDENCIES
  newrelic_rpm
  postmark
  sinatra
  tmail
  user-agent
