GEM
  remote: http://rubygems.org/
  specs:
    i18n (0.6.0)
    mail (2.4.1)
      i18n (>= 0.4.0)
      mime-types (~> 1.16)
      treetop (~> 1.4.8)
    mime-types (1.17.2)
    newrelic_rpm (3.3.1)
    polyglot (0.3.3)
    postmark (0.9.8)
    rack (1.4.1)
    rack-protection (1.2.0)
      rack
    sinatra (1.3.2)
      rack (~> 1.3, >= 1.3.6)
      rack-protection (~> 1.2)
      tilt (~> 1.3, >= 1.3.3)
    tilt (1.3.3)
    treetop (1.4.10)
      polyglot
      polyglot (>= 0.3.1)
    user-agent (1.0.0)

PLATFORMS
  ruby

DEPENDENCIES
  mail
  newrelic_rpm
  postmark
  sinatra
  user-agent
